GEM
  remote: https://rubygems.org/
  specs:
    Ascii85 (1.0.3)
    afm (0.2.2)
    backports (3.18.1)
    hashery (2.1.2)
    minitest (5.14.1)
    multi_json (1.15.0)
    mustermann (1.1.1)
      ruby2_keywords (~> 0.0.1)
    pdf-reader (2.4.0)
      Ascii85 (~> 1.0.0)
      afm (~> 0.2.1)
      hashery (~> 2.0)
      ruby-rc4
      ttfunk
    rack (2.2.3)
    rack-protection (2.0.8.1)
      rack
    rack-test (1.1.0)
      rack (>= 1.0, < 3)
    ruby-rc4 (0.1.5)
    ruby2_keywords (0.0.2)
    sinatra (2.0.8.1)
      mustermann (~> 1.0)
      rack (~> 2.0)
      rack-protection (= 2.0.8.1)
      tilt (~> 2.0)
    sinatra-contrib (2.0.8.1)
      backports (>= 2.8.2)
      multi_json
      mustermann (~> 1.0)
      rack-protection (= 2.0.8.1)
      sinatra (= 2.0.8.1)
      tilt (~> 2.0)
    tilt (2.0.10)
    ttfunk (1.6.2.1)

PLATFORMS
  ruby

DEPENDENCIES
  minitest (= 5.14.1)
  pdf-reader (= 2.4.0)
  rack (= 2.2.3)
  rack-test (= 1.1.0)
  sinatra (= 2.0.8.1)
  sinatra-contrib (= 2.0.8.1)

RUBY VERSION
   ruby 2.6.6p146

BUNDLED WITH
   2.1.4
